PATH
  remote: .
  specs:
    3scale_toolbox (0.17.1)
      3scale-api (~> 1.3)
      cri (~> 2.15)
      json-schema (~> 2.8)
      oas_parser (~> 0.20)

GEM
  remote: https://rubygems.org/
  specs:
    3scale-api (1.3.0)
    activesupport (6.1.1)
      concurrent-ruby (~> 1.0, >= 1.0.2)
      i18n (>= 1.6, < 2)
      minitest (>= 5.1)
      tzinfo (~> 2.0)
      zeitwerk (~> 2.3)
    addressable (2.7.0)
      public_suffix (>= 2.0.2, < 5.0)
    builder (3.2.4)
    coderay (1.1.3)
    concurrent-ruby (1.1.8)
    crack (0.4.5)
      rexml
    cri (2.15.11)
    deep_merge (1.2.1)
    diff-lcs (1.4.4)
    dotenv (2.7.6)
    hansi (0.2.0)
    hash-deep-merge (0.1.1)
    hashdiff (1.0.1)
    i18n (1.8.7)
      concurrent-ruby (~> 1.0)
    json-schema (2.8.1)
      addressable (>= 2.4)
    license_finder (5.11.1)
      bundler
      rubyzip (>= 1, < 3)
      thor
      toml (= 0.2.0)
      with_env (= 1.1.0)
      xml-simple
    method_source (1.0.0)
    mini_portile2 (2.5.0)
    minitest (5.14.3)
    mustermann (1.1.1)
      ruby2_keywords (~> 0.0.1)
    mustermann-contrib (1.1.1)
      hansi (~> 0.2.0)
      mustermann (= 1.1.1)
    nokogiri (1.11.1)
      mini_portile2 (~> 2.5.0)
      racc (~> 1.4)
    oas_parser (0.25.1)
      activesupport (>= 4.0.0)
      addressable (~> 2.3)
      builder (~> 3.2.3)
      deep_merge (~> 1.2.1)
      hash-deep-merge
      mustermann-contrib (~> 1.1.1)
      nokogiri
    parslet (1.8.2)
    pry (0.13.1)
      coderay (~> 1.1)
      method_source (~> 1.0)
    public_suffix (4.0.6)
    racc (1.5.2)
    rake (13.0.3)
    rexml (3.2.4)
    rspec (3.10.0)
      rspec-core (~> 3.10.0)
      rspec-expectations (~> 3.10.0)
      rspec-mocks (~> 3.10.0)
    rspec-core (3.10.1)
      rspec-support (~> 3.10.0)
    rspec-expectations (3.10.1)
      diff-lcs (>= 1.2.0, < 2.0)
      rspec-support (~> 3.10.0)
    rspec-mocks (3.10.1)
      diff-lcs (>= 1.2.0, < 2.0)
      rspec-support (~> 3.10.0)
    rspec-support (3.10.1)
    ruby2_keywords (0.0.4)
    rubyzip (2.3.0)
    thor (1.0.1)
    toml (0.2.0)
      parslet (~> 1.8.0)
    tzinfo (2.0.4)
      concurrent-ruby (~> 1.0)
    webmock (3.11.1)
      addressable (>= 2.3.6)
      crack (>= 0.3.2)
      hashdiff (>= 0.4.0, < 2.0.0)
    with_env (1.1.0)
    xml-simple (1.1.8)
    zeitwerk (2.4.2)

PLATFORMS
  ruby

DEPENDENCIES
  3scale_toolbox!
  bundler
  dotenv
  license_finder (~> 5.5)
  pry
  rake (~> 13.0)
  rspec (~> 3.8)
  rubyzip (>= 1.3.0)
  webmock (~> 3.4)

BUNDLED WITH
   2.1.4
